GIT
  remote: git://github.com/37signals/mail_view.git
  revision: 7c0cf5df704f999acab375836026297801c9c6bb
  specs:
    mail_view (1.0.1)

GIT
  remote: git://github.com/seyhunak/twitter-bootstrap-rails.git
  revision: 5e62b21c8f258010af7f5bc858b89a24f16936a9
  branch: static
  specs:
    twitter-bootstrap-rails (1.4.0)
      actionpack
      railties

GEM
  remote: http://rubygems.org/
  specs:
    XMLCanonicalizer (1.0.1)
      log4r (>= 1.0.4)
    actionmailer (3.1.1)
      actionpack (= 3.1.1)
      mail (~> 2.3.0)
    actionpack (3.1.1)
      activemodel (= 3.1.1)
      activesupport (= 3.1.1)
      builder (~> 3.0.0)
      erubis (~> 2.7.0)
      i18n (~> 0.6)
      rack (~> 1.3.2)
      rack-cache (~> 1.1)
      rack-mount (~> 0.8.2)
      rack-test (~> 0.6.1)
      sprockets (~> 2.0.2)
    activemodel (3.1.1)
      activesupport (= 3.1.1)
      builder (~> 3.0.0)
      i18n (~> 0.6)
    activerecord (3.1.1)
      activemodel (= 3.1.1)
      activesupport (= 3.1.1)
      arel (~> 2.2.1)
      tzinfo (~> 0.3.29)
    activeresource (3.1.1)
      activemodel (= 3.1.1)
      activesupport (= 3.1.1)
    activesupport (3.1.1)
      multi_json (~> 1.0)
    addressable (2.2.6)
    arel (2.2.1)
    aws-ses (0.4.3)
      builder
      mail (> 2.2.5)
      mime-types
      xml-simple
    bcrypt-ruby (3.0.1)
    bson (1.3.1)
    bson_ext (1.3.1)
    builder (3.0.0)
    capistrano (2.9.0)
      highline
      net-scp (>= 1.0.0)
      net-sftp (>= 2.0.0)
      net-ssh (>= 2.0.14)
      net-ssh-gateway (>= 1.1.0)
    carrierwave (0.5.6)
      activesupport (~> 3.0)
    carrierwave-mongoid (0.1.2)
      carrierwave (>= 0.5.6)
      mongoid (~> 2.1)
    cells (3.6.7)
      actionpack (~> 3.0)
      railties (~> 3.0)
    chinese_pinyin (0.4.1)
    chunky_png (1.2.5)
    coffee-rails (3.1.1)
      coffee-script (>= 2.2.0)
      railties (~> 3.1.0)
    coffee-script (2.2.0)
      coffee-script-source
      execjs
    coffee-script-source (1.1.2)
    daemon-spawn (0.4.2)
    dalli (1.1.1)
    devise (1.4.5)
      bcrypt-ruby (~> 3.0)
      orm_adapter (~> 0.0.3)
      warden (~> 1.0.3)
    erubis (2.7.0)
    execjs (1.2.9)
      multi_json (~> 1.0)
    factory_girl (2.2.0)
      activesupport
    factory_girl_rails (1.3.0)
      factory_girl (~> 2.2.0)
      railties (>= 3.0.0)
    faraday (0.7.5)
      addressable (~> 2.2.6)
      multipart-post (~> 1.1.3)
      rack (>= 1.1.0, < 2)
    highline (1.6.2)
    hike (1.2.1)
    i18n (0.6.0)
    jquery-rails (1.0.16)
      railties (~> 3.0)
      thor (~> 0.14)
    json (1.6.1)
    kgio (2.6.0)
    log4r (1.1.9)
    macaddr (1.4.0)
      systemu (~> 2.2.0)
    mail (2.3.0)
      i18n (>= 0.4.0)
      mime-types (~> 1.16)
      treetop (~> 1.4.8)
    mime-types (1.17.2)
    mini_magick (3.3)
      subexec (~> 0.1.0)
    mongo (1.3.1)
      bson (>= 1.3.1)
    mongo-rails-instrumentation (0.2.4)
    mongoid (2.2.4)
      activemodel (~> 3.0)
      mongo (~> 1.3)
      tzinfo (~> 0.3.22)
    mongoid-eager-loading (0.3.1)
    mongoid_auto_increment_id (0.2.2)
      mongoid (~> 2.2.0)
    multi_json (1.0.3)
    multi_xml (0.4.1)
    multipart-post (1.1.3)
    net-ldap (0.2.2)
    net-scp (1.0.4)
      net-ssh (>= 1.99.1)
    net-sftp (2.0.5)
      net-ssh (>= 2.0.9)
    net-ssh (2.2.1)
    net-ssh-gateway (1.1.0)
      net-ssh (>= 1.99.1)
    nokogiri (1.5.0)
    oa-basic (0.3.0)
      oa-core (= 0.3.0)
      rest-client (~> 1.6.0)
    oa-core (0.3.0)
    oa-enterprise (0.3.0)
      XMLCanonicalizer (~> 1.0.1)
      addressable (~> 2.2.6)
      net-ldap (~> 0.2.2)
      nokogiri (~> 1.5.0)
      oa-core (= 0.3.0)
      pyu-ruby-sasl (~> 0.0.3.1)
      rubyntlm (~> 0.1.1)
      uuid
    oa-more (0.3.0)
      multi_json (~> 1.0.0)
      oa-core (= 0.3.0)
      rest-client (~> 1.6.0)
    oa-oauth (0.3.0)
      faraday (~> 0.7.3)
      multi_json (~> 1.0.0)
      multi_xml (~> 0.4.0)
      oa-core (= 0.3.0)
      oauth (~> 0.4.0)
      oauth2 (~> 0.5.0)
    oa-openid (0.3.0)
      oa-core (= 0.3.0)
      rack-openid (~> 1.3.1)
      ruby-openid-apps-discovery (~> 1.2.0)
    oauth (0.4.5)
    oauth2 (0.5.1)
      faraday (~> 0.7.4)
      multi_json (~> 1.0.3)
    omniauth (0.3.0)
      oa-basic (= 0.3.0)
      oa-core (= 0.3.0)
      oa-enterprise (= 0.3.0)
      oa-more (= 0.3.0)
      oa-oauth (= 0.3.0)
      oa-openid (= 0.3.0)
    orm_adapter (0.0.5)
    polyglot (0.3.3)
    pyu-ruby-sasl (0.0.3.3)
    rack (1.3.5)
    rack-cache (1.1)
      rack (>= 0.4)
    rack-mount (0.8.3)
      rack (>= 1.0.0)
    rack-openid (1.3.1)
      rack (>= 1.1.0)
      ruby-openid (>= 2.1.8)
    rack-protection (1.1.4)
      rack
    rack-ssl (1.3.2)
      rack
    rack-test (0.6.1)
      rack (>= 1.0)
    rails (3.1.1)
      actionmailer (= 3.1.1)
      actionpack (= 3.1.1)
      activerecord (= 3.1.1)
      activeresource (= 3.1.1)
      activesupport (= 3.1.1)
      bundler (~> 1.0)
      railties (= 3.1.1)
    rails-i18n (0.1.8)
      i18n (~> 0.5)
    rails_autolink (1.0.4)
      rails (>= 3.1.0)
    railties (3.1.1)
      actionpack (= 3.1.1)
      activesupport (= 3.1.1)
      rack-ssl (~> 1.3.2)
      rake (>= 0.8.7)
      rdoc (~> 3.4)
      thor (~> 0.14.6)
    raindrops (0.8.0)
    rake (0.9.2.2)
    rdiscount (1.6.8)
    rdoc (3.11)
      json (~> 1.4)
    redis (2.2.2)
    redis-namespace (1.0.3)
      redis (< 3.0.0)
    redis-objects (0.5.2)
      redis (>= 2.1.1)
    redis-search (0.6.3)
      chinese_pinyin (>= 0.3.0)
      redis (>= 2.1.1)
      redis-namespace (~> 1.0.2)
      rmmseg-cpp-huacnlee (>= 0.2.8)
    resque (1.19.0)
      multi_json (~> 1.0)
      redis-namespace (~> 1.0.2)
      sinatra (>= 0.9.2)
      vegas (~> 0.1.2)
    resque_mailer (2.0.2)
      actionmailer (>= 3.0.0)
      resque (>= 1.2.3)
    rest-client (1.6.7)
      mime-types (>= 1.16)
    rmmseg-cpp-huacnlee (0.2.8)
    ruby-openid (2.1.8)
    ruby-openid-apps-discovery (1.2.0)
      ruby-openid (>= 2.1.7)
    rubyntlm (0.1.1)
    sass (3.1.10)
    sass-rails (3.1.4)
      actionpack (~> 3.1.0)
      railties (~> 3.1.0)
      sass (>= 3.1.4)
      sprockets (~> 2.0.0)
      tilt (~> 1.3.2)
    settingslogic (2.0.6)
    sinatra (1.3.1)
      rack (~> 1.3, >= 1.3.4)
      rack-protection (~> 1.1, >= 1.1.2)
      tilt (~> 1.3, >= 1.3.3)
    sprite-factory (1.4.1)
    sprockets (2.0.3)
      hike (~> 1.2)
      rack (~> 1.0)
      tilt (~> 1.1, != 1.3.0)
    subexec (0.1.0)
    systemu (2.2.0)
    thor (0.14.6)
    tilt (1.3.3)
    treetop (1.4.10)
      polyglot
      polyglot (>= 0.3.1)
    tzinfo (0.3.31)
    uglifier (1.0.4)
      execjs (>= 0.3.0)
      multi_json (>= 1.0.2)
    unicorn (4.1.1)
      kgio (~> 2.4)
      rack
      raindrops (~> 0.6)
    uuid (2.3.4)
      macaddr (~> 1.0)
    vegas (0.1.8)
      rack (>= 1.0.0)
    warden (1.0.6)
      rack (>= 1.0)
    will_paginate (3.0.pre2)
    wmd-rails (0.0.1)
      rails (~> 3.1.1.rc1)
    xml-simple (1.1.0)

PLATFORMS
  ruby

DEPENDENCIES
  aws-ses (~> 0.4.3)
  bson (= 1.3.1)
  bson_ext (= 1.3.1)
  capistrano (= 2.9.0)
  carrierwave (= 0.5.6)
  carrierwave-mongoid (= 0.1.2)
  cells (= 3.6.7)
  chinese_pinyin (= 0.4.1)
  chunky_png (= 1.2.5)
  coffee-rails (~> 3.1.1)
  daemon-spawn (~> 0.4.2)
  dalli (= 1.1.1)
  devise (= 1.4.5)
  factory_girl_rails
  jquery-rails (= 1.0.16)
  mail_view!
  mini_magick (= 3.3)
  mongo-rails-instrumentation (= 0.2.4)
  mongoid (= 2.2.4)
  mongoid-eager-loading (= 0.3.1)
  mongoid_auto_increment_id (= 0.2.2)
  nokogiri (= 1.5.0)
  oa-openid (= 0.3.0)
  omniauth (= 0.3.0)
  rails (= 3.1.1)
  rails-i18n (= 0.1.8)
  rails_autolink (>= 1.0.4)
  rdiscount (= 1.6.8)
  redis-namespace (~> 1.0.2)
  redis-objects (= 0.5.2)
  redis-search (= 0.6.3)
  resque (~> 1.19.0)
  resque_mailer (= 2.0.2)
  rmmseg-cpp-huacnlee (= 0.2.8)
  sass-rails (~> 3.1.4)
  settingslogic (~> 2.0.6)
  sprite-factory (= 1.4.1)
  twitter-bootstrap-rails!
  uglifier
  unicorn
  will_paginate (= 3.0.pre2)
  wmd-rails
